GEM
  remote: https://rubygems.org/
  specs:
    io-console (0.8.0)
    readline (0.0.4)
      reline
    reline (0.6.1)
      io-console (~> 0.5)

PLATFORMS
  aarch64-linux-musl
  arm64-darwin-21
  arm64-darwin-23
  arm64-darwin-24
  x86_64-linux

DEPENDENCIES
  readline

BUNDLED WITH
   2.5.10
